GEM
  remote: https://rubygems.org/
  specs:
    addressable (2.4.0)
    faraday (0.9.2)
      multipart-post (>= 1.2, < 3)
    hashie (3.3.2)
    multipart-post (2.0.0)
    octokit (4.3.0)
      sawyer (~> 0.7.0, >= 0.5.3)
    sawyer (0.7.0)
      addressable (>= 2.3.5, < 2.5)
      faraday (~> 0.8, < 0.10)
    thor (0.19.4)

PLATFORMS
  ruby

DEPENDENCIES
  hashie (~> 3.3.1)
  octokit (~> 4.3.0)
  thor (~> 0.19.1)

BUNDLED WITH
   1.15.1
