GEM
  remote: https://rubygems.org/
  specs:
    thor (0.19.4)

PLATFORMS
  ruby

DEPENDENCIES
  thor (~> 0.19.1)

BUNDLED WITH
   1.15.1
