GEM
  remote: https://rubygems.org/
  specs:
    activesupport (5.1.4)
      concurrent-ruby (~> 1.0, >= 1.0.2)
      i18n (~> 0.7)
      minitest (~> 5.1)
      tzinfo (~> 1.1)
    addressable (2.4.0)
    byebug (9.0.6)
    coderay (1.1.1)
    concurrent-ruby (1.0.5)
    faraday (0.9.2)
      multipart-post (>= 1.2, < 3)
    git (1.3.0)
    hashie (3.3.2)
    highline (1.7.8)
    i18n (0.9.1)
      concurrent-ruby (~> 1.0)
    jira-ruby (1.4.3)
      activesupport
      multipart-post
      oauth (~> 0.5, >= 0.5.0)
    method_source (0.8.2)
    minitest (5.11.1)
    multipart-post (2.0.0)
    oauth (0.5.4)
    octokit (4.3.0)
      sawyer (~> 0.7.0, >= 0.5.3)
    pry (0.10.4)
      coderay (~> 1.1.0)
      method_source (~> 0.8.1)
      slop (~> 3.4)
    pry-byebug (3.4.2)
      byebug (~> 9.0)
      pry (~> 0.10)
    sawyer (0.7.0)
      addressable (>= 2.3.5, < 2.5)
      faraday (~> 0.8, < 0.10)
    slop (3.6.0)
    thor (0.19.4)
    thread_safe (0.3.6)
    tzinfo (1.2.4)
      thread_safe (~> 0.1)

PLATFORMS
  ruby
  x86_64-darwin-16

DEPENDENCIES
  git (~> 1.3.0)
  hashie (~> 3.3.1)
  highline (~> 1.7.8)
  jira-ruby (~> 1.4.3)
  octokit (~> 4.3.0)
  pry-byebug (~> 3.4.2)
  thor (~> 0.19.1)

BUNDLED WITH
   1.15.3
